GEM
  remote: https://rubygems.org/
  specs:
    chunky_png (1.4.0)
    mini_magick (4.11.0)
    rqrcode (2.1.1)
      chunky_png (~> 1.0)
      rqrcode_core (~> 1.0)
    rqrcode_core (1.2.0)

PLATFORMS
  x86_64-darwin-17

DEPENDENCIES
  mini_magick
  rqrcode

RUBY VERSION
   ruby 2.7.4p191

BUNDLED WITH
   2.3.5
